PATH
  remote: .
  specs:
    hexlet_code (0.1.0)

GEM
  remote: https://rubygems.org/
  specs:
    byebug (11.1.3)
    minitest (5.16.0)
    minitest-power_assert (0.3.1)
      minitest
      power_assert (>= 1.1)
    power_assert (2.0.1)
    rake (13.0.6)

PLATFORMS
  x86_64-linux

DEPENDENCIES
  byebug
  hexlet_code!
  minitest-power_assert
  rake (~> 13.0)

BUNDLED WITH
   2.3.12
